GEM
  remote: https://rubygems.org/
  specs:
    activesupport (4.0.12)
      i18n (~> 0.6, >= 0.6.9)
      minitest (~> 4.2)
      multi_json (~> 1.3)
      thread_safe (~> 0.1)
      tzinfo (~> 0.3.37)
    chunky_png (1.3.4)
    hashie (3.4.2)
    i18n (0.7.0)
    minitest (4.7.5)
    multi_json (1.11.0)
    nokogiri (1.5.11)
    psd (3.3.3)
      chunky_png
      psd-enginedata (~> 1)
      rake
      xmp
    psd-enginedata (1.1.1)
      hashie
    rake (10.4.2)
    thread_safe (0.3.4)
    trollop (2.1.2)
    tzinfo (0.3.44)
    xmp (0.2.0)
      nokogiri (~> 1.5.0)

PLATFORMS
  ruby

DEPENDENCIES
  activesupport
  psd
  trollop
